GEM
  remote: https://rubygems.org/
  specs:
    activesupport (6.1.7.7)
      concurrent-ruby (~> 1.0, >= 1.0.2)
      i18n (>= 1.6, < 2)
      minitest (>= 5.1)
      tzinfo (~> 2.0)
      zeitwerk (~> 2.3)
    benchmark (0.3.0)
    bigdecimal (3.1.4)
    cocoapods (1.15.2)
      activesupport (>= 5.0, < 7)
      addressable (~> 2.8)
      algoliasearch (~> 1.0)
      atomos (~> 0.1.3)
      CFPropertyList (>= 2.3.3, < 4.0)
      claide (~> 1.0)
      colored2 (~> 3.1)
      escape (~> 0.0.4)
      fourflusher (~> 2.3)
      gh_inspector (~> 1.0)
      molinillo (~> 0.8.0)
      nap (~> 1.0)
      ruby-macho (~> 2.5)
      xcodeproj (~> 1.22, < 2.0)
    cocoapods-core (1.15.2)
      activesupport (>= 5.0, < 7)
      addressable (~> 2.8)
      algoliasearch (~> 1.0)
      concurrent-ruby (~> 1.1)
      fuzzy_match (~> 2.0.4)
      nap (~> 1.0)
      netrc (~> 0.7)
      public_suffix (~> 4.0)
      typhoeus (~> 1.0)
    cocoapods-deintegrate (1.0.5)
    cocoapods-downloader (2.0)
    cocoapods-plugins (1.0.0)
      nap (~> 1.0)
    cocoapods-search (1.0.1)
    cocoapods-trunk (1.6.0)
      nap (~> 1.0)
      netrc (~> 0.7)
    cocoapods-try (1.2.0)
    claide (1.1.0)
    concurrent-ruby (1.3.3)
    i18n (1.14.1)
      concurrent-ruby (~> 1.0)
    logger (1.6.0)
    minitest (5.22.2)
    mutex_m (0.2.0)
    rexml (3.3.2)
      strscan (>= 0)
    strscan (3.0.7)
    tzinfo (2.0.6)
      concurrent-ruby (~> 1.0)
    xcodeproj (1.25.0)
      CFPropertyList (>= 2.3.3, < 4.0)
      atomos (~> 0.1.3)
      claide (< 2.0, >= 1.0.2)
      colored2 (~> 3.1)
      nanaimo (~> 0.3.0)
      rexml (< 4.0, >= 3.3.2)
    zeitwerk (2.6.12)

PLATFORMS
  ruby

DEPENDENCIES
  activesupport (>= 6.1.7.5, != 7.1.0)
  benchmark
  bigdecimal
  cocoapods (~> 1.15)
  concurrent-ruby (< 1.3.4)
  logger
  mutex_m
  xcodeproj (< 1.26.0)

RUBY VERSION
   ruby 3.2.0p0

BUNDLED WITH
   2.3.26
