GEM
  remote: https://rubygems.org/
  specs:
    activesupport (7.1.3.2)
      base64 (~> 0.1.1)
      bigdecimal (~> 3.1)
      concurrent-ruby (~> 1.0, >= 1.0.2)
      connection_pool (~> 2.4, >= 2.4.1)
      i18n (>= 1.6, < 2)
      minitest (>= 5.1)
      tzinfo (~> 2.0)
    addressable (2.8.6)
      public_suffix (>= 2.0.2, < 6.0)
    algoliasearch (1.27.7)
      httpclient (~> 2.8, >= 2.8.3)
      json (>= 1.8.0)
    atomos (0.1.3)
    base64 (0.2.0)
    bigdecimal (3.1.7)
    claide (1.1.0)
    cocoapods (1.16.2)
      activesupport (>= 5.0, < 8)
      addressable (~> 2.8)
      algoliasearch (~> 1.0)
      atomos (~> 0.1.3)
      claide (~> 1.0)
      colored2 (~> 3.1)
      escape (~> 0.0.4)
      fourflusher (~> 2.3)
      gh_inspector (~> 1.0)
      molinillo (~> 0.8.0)
      nap (~> 1.0)
      ruby-macho (~> 3.0)
      xcodeproj (~> 1.24.0)
    cocoapods-core (1.16.2)
      activesupport (>= 5.0, < 8)
      addressable (~> 2.8)
      algoliasearch (~> 1.0)
      atomos (~> 0.1.3)
      claide (~> 1.0)
      colored2 (~> 3.1)
      escape (~> 0.0.4)
      fourflusher (~> 2.3)
      gh_inspector (~> 1.0)
      molinillo (~> 0.8.0)
      nap (~> 1.0)
      ruby-macho (~> 3.0)
      xcodeproj (~> 1.24.0)
    cocoapods-deintegrate (1.0.5)
      cocoapods-core
    cocoapods-downloader (1.9.1)
    cocoapods-plugins (1.0.0)
      nap
    cocoapods-search (1.0.1)
    cocoapods-trunk (1.6.0)
      nap (>= 0.8, < 2.0)
      netrc (~> 0.7)
    cocoapods-try (1.2.0)
    colored2 (3.1.2)
    concurrent-ruby (1.2.2)
    connection_pool (2.4.1)
    escape (0.0.4)
    fourflusher (2.3.1)
    gh_inspector (1.1.3)
    httpclient (2.8.3)
    i18n (1.14.1)
      concurrent-ruby (~> 1.0)
    json (2.7.1)
    minitest (5.22.2)
    molinillo (0.8.0)
    nap (1.1.0)
    netrc (0.11.0)
    public_suffix (5.0.3)
    ruby-macho (3.0.0)
    tzinfo (2.0.6)
      concurrent-ruby (~> 1.0)
    xcodeproj (1.24.0)
      CFPropertyList (>= 2.3.3, < 4.0)
      atomos (~> 0.1.3)
      claide (~> 1.0)
      colored2 (~> 3.1)
      nanaimo (~> 0.3.0)
      rexml (~> 3.2, < 4.0)

PLATFORMS
  ruby

DEPENDENCIES
  bundler (~> 2.5.21)
  cocoapods (~> 1.16)

BUNDLED WITH
   2.5.21
