GEM
  remote: https://rubygems.org/
  specs:
    cocoapods (1.16.2)
      activesupport (>= 5.0, < 8)
      addressable (~> 2.8)
      algoliasearch (~> 1.0)
      atomos (~> 0.1.3)
      claide (~> 1.0)
      colored2 (~> 3.1)
      escape (~> 0.0.4)
      fourflusher (~> 2.3)
      gh_inspector (~> 1.0)
      molinillo (~> 0.8.0)
      nap (~> 1.0)
      ruby-macho (~> 3.0)
      xcodeproj (~> 1.24.0)

PLATFORMS
  ruby

DEPENDENCIES
  cocoapods (~> 1.16)

BUNDLED WITH
   2.4.22
